GIT
  remote: https://github.com/refinery/refinerycms
  revision: ed7e587e6e742350afd41d5f70c14e8e1c70359b
  branch: master
  specs:
    refinerycms (3.0.0.dev)
      bundler (>= 1.2.2, < 2.0)
      refinerycms-authentication (= 3.0.0.dev)
      refinerycms-core (= 3.0.0.dev)
      refinerycms-dashboard (= 3.0.0.dev)
      refinerycms-images (= 3.0.0.dev)
      refinerycms-pages (= 3.0.0.dev)
      refinerycms-resources (= 3.0.0.dev)
    refinerycms-authentication (3.0.0.dev)
      actionmailer (>= 3.1.11, < 4.1)
      devise (~> 3.0.2)
      friendly_id (>= 5.0.0.rc1)
      refinerycms-core (= 3.0.0.dev)
    refinerycms-core (3.0.0.dev)
      actionpack (>= 3.1.11, < 4.1)
      activerecord (>= 3.1.11, < 4.1)
      awesome_nested_set (~> 3.0.0.rc.3)
      coffee-rails (~> 4.0.0)
      decorators (~> 1.0.0)
      jquery-rails (>= 2.3.0)
      jquery-ui-rails (~> 4.1.1)
      railties (>= 3.1.11, < 4.1)
      refinerycms-i18n (~> 3.0.0.dev)
      sass-rails (~> 4.0.0)
      truncate_html (~> 0.9)
      will_paginate (~> 3.0.2)
    refinerycms-dashboard (3.0.0.dev)
      refinerycms-core (= 3.0.0.dev)
    refinerycms-images (3.0.0.dev)
      dragonfly (~> 1.0.0)
      dragonfly-s3_data_store (~> 1.0.0)
      refinerycms-core (= 3.0.0.dev)
    refinerycms-pages (3.0.0.dev)
      awesome_nested_set (~> 3.0.0.rc.1)
      babosa (!= 0.3.6)
      friendly_id (~> 5.0.1)
      globalize (~> 4.0.0)
      refinerycms-core (= 3.0.0.dev)
      seo_meta (~> 2.0.0.rc.1)
    refinerycms-resources (3.0.0.dev)
      acts_as_indexed (~> 0.8.0)
      dragonfly (~> 1.0.0)
      dragonfly-s3_data_store (~> 1.0.0)
      refinerycms-core (= 3.0.0.dev)

GIT
  remote: https://github.com/refinery/refinerycms-i18n
  revision: d6dbbb465dd43bad6c5afb89289cbc5f602d8394
  branch: master
  specs:
    refinerycms-i18n (3.0.0.dev)
      rails-i18n (~> 0.7.3)
      routing-filter (>= 0.4.0.dev)

PATH
  remote: vendor/extensions
  specs:
    refinerycms-products (1.0)
      refinerycms-core (~> 3.0.0.dev)

GEM
  remote: https://rubygems.org/
  specs:
    actionmailer (4.0.1)
      actionpack (= 4.0.1)
      mail (~> 2.5.4)
    actionpack (4.0.1)
      activesupport (= 4.0.1)
      builder (~> 3.1.0)
      erubis (~> 2.7.0)
      rack (~> 1.5.2)
      rack-test (~> 0.6.2)
    activemodel (4.0.1)
      activesupport (= 4.0.1)
      builder (~> 3.1.0)
    activerecord (4.0.1)
      activemodel (= 4.0.1)
      activerecord-deprecated_finders (~> 1.0.2)
      activesupport (= 4.0.1)
      arel (~> 4.0.0)
    activerecord-deprecated_finders (1.0.3)
    activesupport (4.0.1)
      i18n (~> 0.6, >= 0.6.4)
      minitest (~> 4.2)
      multi_json (~> 1.3)
      thread_safe (~> 0.1)
      tzinfo (~> 0.3.37)
    acts_as_indexed (0.8.3)
    arel (4.0.2)
    atomic (1.1.15)
    awesome_nested_set (3.0.0.rc.3)
      activerecord (>= 4.0.0, < 5)
    babosa (0.3.11)
    bcrypt (3.1.7)
    bcrypt-ruby (3.1.5)
      bcrypt (>= 3.1.3)
    builder (3.1.4)
    coffee-rails (4.0.1)
      coffee-script (>= 2.2.0)
      railties (>= 4.0.0, < 5.0)
    coffee-script (2.2.0)
      coffee-script-source
      execjs
    coffee-script-source (1.7.0)
    decorators (1.0.3)
      railties (>= 3.0.19, != 3.2.9, != 3.2.8, != 3.2.7, != 3.2.6, != 3.2.5, != 3.2.4, != 3.2.3, != 3.2.2, != 3.2.10, != 3.2.1, != 3.2.0, != 3.1.9, != 3.1.8, != 3.1.7, != 3.1.6, != 3.1.5, != 3.1.4, != 3.1.3, != 3.1.2, != 3.1.1, != 3.1.0)
    devise (3.0.4)
      bcrypt-ruby (~> 3.0)
      orm_adapter (~> 0.1)
      railties (>= 3.2.6, < 5)
      warden (~> 1.2.3)
    dragonfly (1.0.3)
      multi_json (~> 1.0)
      rack
    dragonfly-s3_data_store (1.0.3)
      dragonfly (~> 1.0)
      fog
    erubis (2.7.0)
    excon (0.32.1)
    execjs (2.0.2)
    fog (1.21.0)
      fog-brightbox
      fog-core (~> 1.21, >= 1.21.1)
      fog-json
      nokogiri (~> 1.5, >= 1.5.11)
    fog-brightbox (0.0.1)
      fog-core
      fog-json
    fog-core (1.21.1)
      builder
      excon (~> 0.32)
      formatador (~> 0.2.0)
      mime-types
      net-scp (~> 1.1)
      net-ssh (>= 2.1.3)
    fog-json (1.0.0)
      multi_json (~> 1.0)
    formatador (0.2.4)
    friendly_id (5.0.3)
      activerecord (>= 4.0.0)
    globalize (4.0.0)
      activemodel (>= 4.0.0, < 5)
      activerecord (>= 4.0.0, < 5)
    hike (1.2.3)
    i18n (0.6.9)
    jbuilder (1.5.3)
      activesupport (>= 3.0.0)
      multi_json (>= 1.2.0)
    jquery-rails (3.1.0)
      railties (>= 3.0, < 5.0)
      thor (>= 0.14, < 2.0)
    jquery-ui-rails (4.1.2)
      railties (>= 3.1.0)
    json (1.8.1)
    mail (2.5.4)
      mime-types (~> 1.16)
      treetop (~> 1.4.8)
    mime-types (1.25.1)
    mini_portile (0.5.2)
    minitest (4.7.5)
    multi_json (1.8.4)
    net-scp (1.1.2)
      net-ssh (>= 2.6.5)
    net-ssh (2.8.0)
    nokogiri (1.6.1)
      mini_portile (~> 0.5.0)
    orm_adapter (0.5.0)
    pg (0.17.1)
    polyglot (0.3.4)
    rack (1.5.2)
    rack-test (0.6.2)
      rack (>= 1.0)
    rails (4.0.1)
      actionmailer (= 4.0.1)
      actionpack (= 4.0.1)
      activerecord (= 4.0.1)
      activesupport (= 4.0.1)
      bundler (>= 1.3.0, < 2.0)
      railties (= 4.0.1)
      sprockets-rails (~> 2.0.0)
    rails-i18n (0.7.4)
      i18n (~> 0.5)
    railties (4.0.1)
      actionpack (= 4.0.1)
      activesupport (= 4.0.1)
      rake (>= 0.8.7)
      thor (>= 0.18.1, < 2.0)
    rake (10.1.1)
    rdoc (4.1.1)
      json (~> 1.4)
    routing-filter (0.4.0.pre)
      actionpack
    sass (3.2.14)
    sass-rails (4.0.1)
      railties (>= 4.0.0, < 5.0)
      sass (>= 3.1.10)
      sprockets-rails (~> 2.0.0)
    sdoc (0.4.0)
      json (~> 1.8)
      rdoc (~> 4.0, < 5.0)
    seo_meta (2.0.0.rc.1)
      railties (>= 3.0.0)
    sprockets (2.11.0)
      hike (~> 1.2)
      multi_json (~> 1.0)
      rack (~> 1.0)
      tilt (~> 1.1, != 1.3.0)
    sprockets-rails (2.0.1)
      actionpack (>= 3.0)
      activesupport (>= 3.0)
      sprockets (~> 2.8)
    thor (0.18.1)
    thread_safe (0.2.0)
      atomic (>= 1.1.7, < 2)
    tilt (1.4.1)
    treetop (1.4.15)
      polyglot
      polyglot (>= 0.3.1)
    truncate_html (0.9.2)
    turbolinks (2.2.1)
      coffee-rails
    tzinfo (0.3.38)
    uglifier (2.4.0)
      execjs (>= 0.3.0)
      json (>= 1.8.0)
    warden (1.2.3)
      rack (>= 1.0)
    will_paginate (3.0.5)

PLATFORMS
  ruby

DEPENDENCIES
  coffee-rails (~> 4.0.0)
  jbuilder (~> 1.2)
  jquery-rails
  pg
  rails (= 4.0.1)
  refinerycms!
  refinerycms-i18n!
  refinerycms-products!
  sass-rails (~> 4.0.0)
  sdoc
  turbolinks
  uglifier (>= 1.3.0)
